GEM
  remote: https://rubygems.org/
  specs:
    ruby-progressbar (1.6.0)

PLATFORMS
  ruby

DEPENDENCIES
  ruby-progressbar
